GEM
  remote: https://rubygems.org/
  specs:
    protest (0.5.5)

PLATFORMS
  ruby

DEPENDENCIES
  protest

RUBY VERSION
   ruby 2.3.4p301

BUNDLED WITH
   1.16.0
